PATH
  remote: .
  specs:
    log_analyzer (0.3.4)
      colorize
      matrix
      prawn
      prawn-table
      rake
      spreadsheet
      terminal-table
      thor

GEM
  remote: https://rubygems.org/
  specs:
    coderay (1.1.2)
    colorize (0.8.1)
    diff-lcs (1.3)
    docile (1.1.5)
    json (2.0.3)
    matrix (0.4.2)
    method_source (0.9.0)
    pdf-core (0.9.0)
    prawn (2.4.0)
      pdf-core (~> 0.9.0)
      ttfunk (~> 1.7)
    prawn-table (0.2.2)
      prawn (>= 1.3.0, < 3.0.0)
    pry (0.11.3)
      coderay (~> 1.1.0)
      method_source (~> 0.9.0)
    rake (13.0.6)
    rspec (3.7.0)
      rspec-core (~> 3.7.0)
      rspec-expectations (~> 3.7.0)
      rspec-mocks (~> 3.7.0)
    rspec-core (3.7.1)
      rspec-support (~> 3.7.0)
    rspec-expectations (3.7.0)
      diff-lcs (>= 1.2.0, < 2.0)
      rspec-support (~> 3.7.0)
    rspec-mocks (3.7.0)
      diff-lcs (>= 1.2.0, < 2.0)
      rspec-support (~> 3.7.0)
    rspec-support (3.7.1)
    ruby-ole (1.2.12.2)
    simplecov (0.13.0)
      docile (~> 1.1.0)
      json (>= 1.8, < 3)
      simplecov-html (~> 0.10.0)
    simplecov-html (0.10.0)
    spreadsheet (1.2.6)
      ruby-ole (>= 1.0)
    terminal-table (3.0.2)
      unicode-display_width (>= 1.1.1, < 3)
    thor (1.2.1)
    ttfunk (1.7.0)
    unicode-display_width (2.4.2)

PLATFORMS
  ruby

DEPENDENCIES
  bundler (> 1.14)
  log_analyzer!
  pry
  rspec
  simplecov
  spreadsheet

BUNDLED WITH
   2.3.7
